PATH
  remote: .
  specs:
    weary (1.1.2)
      addressable (~> 2.3.2)
      multi_json (~> 1.5.0)
      promise (~> 0.3.0)
      rack (~> 1.4.0)
      simple_oauth (~> 0.1.5)

GEM
  remote: http://rubygems.org/
  specs:
    addressable (2.3.2)
    crack (0.3.1)
    diff-lcs (1.1.3)
    excon (0.16.2)
    ffi (1.1.5)
    finder (0.4.0)
    mime-types (1.19)
    multi_json (1.5.1)
    promise (0.3.0)
    rack (1.4.5)
    rake (0.9.2.2)
    rc (0.4.0)
      finder
    rspec (2.11.0)
      rspec-core (~> 2.11.0)
      rspec-expectations (~> 2.11.0)
      rspec-mocks (~> 2.11.0)
    rspec-core (2.11.1)
    rspec-expectations (2.11.3)
      diff-lcs (~> 1.1.3)
    rspec-mocks (2.11.2)
    simple_oauth (0.1.9)
    tomparse (0.4.0)
    typhoeus (0.4.2)
      ffi (~> 1.0)
      mime-types (~> 1.18)
    webmock (1.8.10)
      addressable (>= 2.2.7)
      crack (>= 0.1.7)
    yard (0.8.4.1)
    yard-tomdoc (0.5.0)
      rc
      tomparse
      yard

PLATFORMS
  ruby

DEPENDENCIES
  excon
  jruby-openssl
  rake (~> 0.9.2)
  rspec (~> 2.11.0)
  typhoeus
  weary!
  webmock (~> 1.8.10)
  yard (~> 0.8.2)
  yard-tomdoc (~> 0.5.0)
