PATH
  remote: .
  specs:
    weary (1.0.0.rc1)
      addressable (~> 2.2.6)
      multi_json (~> 1.1.0)
      promise (~> 0.3.0)
      rack (~> 1.4.0)
      simple_oauth (~> 0.1.5)

GEM
  remote: http://rubygems.org/
  specs:
    addressable (2.2.7)
    crack (0.3.1)
    diff-lcs (1.1.3)
    excon (0.12.0)
    mime-types (1.17.2)
    multi_json (1.1.0)
    promise (0.3.0)
    rack (1.4.1)
    rake (0.9.2.2)
    rspec (2.8.0)
      rspec-core (~> 2.8.0)
      rspec-expectations (~> 2.8.0)
      rspec-mocks (~> 2.8.0)
    rspec-core (2.8.0)
    rspec-expectations (2.8.0)
      diff-lcs (~> 1.1.2)
    rspec-mocks (2.8.0)
    simple_oauth (0.1.5)
    tomparse (0.2.0)
    typhoeus (0.3.3)
      mime-types
    webmock (1.8.3)
      addressable (>= 2.2.7)
      crack (>= 0.1.7)
    yard (0.7.5)
    yard-tomdoc (0.4.0)
      tomparse
      yard

PLATFORMS
  ruby

DEPENDENCIES
  excon
  jruby-openssl
  rake (~> 0.9.2)
  rspec (~> 2.8.0)
  typhoeus
  weary!
  webmock (~> 1.8.0)
  yard (~> 0.7.5)
  yard-tomdoc (~> 0.4.0)
