PATH
  remote: .
  specs:
    weary (1.0.1)
      addressable (~> 2.2.7)
      multi_json (~> 1.3.0)
      promise (~> 0.3.0)
      rack (~> 1.4.0)
      simple_oauth (~> 0.1.5)

GEM
  remote: http://rubygems.org/
  specs:
    addressable (2.2.7)
    crack (0.3.1)
    diff-lcs (1.1.3)
    multi_json (1.3.6)
    promise (0.3.0)
    rack (1.4.1)
    rake (0.9.2.2)
    rspec (2.9.0)
      rspec-core (~> 2.9.0)
      rspec-expectations (~> 2.9.0)
      rspec-mocks (~> 2.9.0)
    rspec-core (2.9.0)
    rspec-expectations (2.9.0)
      diff-lcs (~> 1.1.3)
    rspec-mocks (2.9.0)
    simple_oauth (0.1.9)
    tomparse (0.2.0)
    webmock (1.8.5)
      addressable (>= 2.2.7)
      crack (>= 0.1.7)
    yard (0.7.5)
    yard-tomdoc (0.4.0)
      tomparse
      yard

PLATFORMS
  ruby

DEPENDENCIES
  jruby-openssl
  rake (~> 0.9.2)
  rspec (~> 2.9.0)
  weary!
  webmock (~> 1.8.5)
  yard (~> 0.7.5)
  yard-tomdoc (~> 0.4.0)
